GIT
  remote: git://github.com/rails/exception_notification.git
  revision: 192a49a02d63d28b23ed41cebadfedd490929cf1
  specs:
    exception_notification (1.0.0)

GIT
  remote: git://github.com/umamao/mongomapper_ext.git
  revision: de5c411181ab1f0f4e7db96e3a558dba2ecac5b4
  specs:
    mongomapper_ext (0.5.0)
      mongo_mapper (~> 0.8)
      uuidtools (>= 2.0.0)

GEM
  remote: http://gemcutter.org/
  specs:
    BadMinus-devise (1.2.0)
      bcrypt-ruby (~> 2.1.2)
      warden (~> 0.10.7)
    RedCloth (4.1.9)
    abstract (1.0.0)
    actionmailer (3.0.1)
      actionpack (= 3.0.1)
      mail (~> 2.2.5)
    actionpack (3.0.1)
      activemodel (= 3.0.1)
      activesupport (= 3.0.1)
      builder (~> 2.1.2)
      erubis (~> 2.6.6)
      i18n (~> 0.4.1)
      rack (~> 1.2.1)
      rack-mount (~> 0.6.12)
      rack-test (~> 0.5.4)
      tzinfo (~> 0.3.23)
    activemodel (3.0.1)
      activesupport (= 3.0.1)
      builder (~> 2.1.2)
      i18n (~> 0.4.1)
    activerecord (3.0.1)
      activemodel (= 3.0.1)
      activesupport (= 3.0.1)
      arel (~> 1.0.0)
      tzinfo (~> 0.3.23)
    activeresource (3.0.1)
      activemodel (= 3.0.1)
      activesupport (= 3.0.1)
    activesupport (3.0.1)
    addressable (2.2.2)
    arel (1.0.1)
      activesupport (~> 3.0.0)
    bcrypt-ruby (2.1.2)
    bson (1.1.1)
    bson_ext (1.1.1)
    builder (2.1.2)
    columnize (0.3.1)
    compass (0.10.5)
      haml (>= 3.0.4)
    compass-colors (0.3.1)
      compass (>= 0.8.7)
    differ (0.1.1)
    dynamic_form (1.1.3)
    erubis (2.6.6)
      abstract (>= 1.0.0)
    fancy-buttons (0.5.5)
      compass (>= 0.10.0)
      haml (>= 3.0.2)
    faraday (0.4.6)
      addressable (>= 2.1.1)
      rack (>= 1.0.1)
    geoip (0.8.7)
    goalie (0.0.4)
      actionpack (>= 3.0.0)
      activesupport (>= 3.0.0)
    haml (3.0.22)
    i18n (0.4.1)
    jnunemaker-validatable (1.8.4)
      activesupport (>= 2.3.4)
    json (1.2.4)
    linecache (0.43)
    magent (0.4.2)
      mongo (>= 0.1.0)
      uuidtools (>= 2.0.0)
    mail (2.2.7)
      activesupport (>= 2.3.6)
      mime-types
      treetop (>= 1.4.5)
    mime-types (1.16)
    mongo (1.1.1)
      bson (>= 1.1.1)
    mongo_mapper (0.8.6)
      activesupport (>= 2.3.4)
      jnunemaker-validatable (~> 1.8.4)
      plucky (~> 0.3.6)
    multi_json (0.0.4)
    newrelic_rpm (2.13.2)
    nokogiri (1.4.3.1)
    oauth (0.4.3)
    oauth2 (0.0.13)
      faraday (~> 0.4.1)
      multi_json (>= 0.0.4)
    plucky (0.3.6)
      mongo (~> 1.1)
    polyglot (0.3.1)
    postmark (0.9.4)
      tmail
    postmark-rails (0.4.0)
    rack (1.2.1)
    rack-mount (0.6.13)
      rack (>= 1.0.0)
    rack-test (0.5.6)
      rack (>= 1.0)
    rails (3.0.1)
      actionmailer (= 3.0.1)
      actionpack (= 3.0.1)
      activerecord (= 3.0.1)
      activeresource (= 3.0.1)
      activesupport (= 3.0.1)
      bundler (~> 1.0.0)
      railties (= 3.0.1)
    railties (3.0.1)
      actionpack (= 3.0.1)
      activesupport (= 3.0.1)
      rake (>= 0.8.4)
      thor (~> 0.14.0)
    rake (0.8.7)
    rdiscount (1.6.3.2)
    responders (0.6.2)
    ruby-debug (0.10.3)
      columnize (>= 0.1)
      ruby-debug-base (~> 0.10.3.0)
    ruby-debug-base (0.10.3)
      linecache (>= 0.3)
    ruby-openid (2.1.8)
    ruby-prof (0.9.2)
    ruby-stemmer (0.8.2)
    sanitize (1.2.1)
      nokogiri (~> 1.4.1)
    tabs_on_rails (1.3.1)
    thor (0.14.3)
    tmail (1.2.7.1)
    treetop (1.4.8)
      polyglot (>= 0.3.1)
    twitter-text (1.1.8)
      actionpack
    twitter_oauth (0.3.6)
      json (>= 1.1.9, <= 1.2.4)
      mime-types (>= 1.16)
      oauth (>= 0.3.6)
    tzinfo (0.3.23)
    uuidtools (2.1.1)
    warden (0.10.7)
      rack (>= 1.0.0)
    whatlanguage (1.0.0)

PLATFORMS
  ruby

DEPENDENCIES
  BadMinus-devise (~> 1.2.0)
  RedCloth (~> 4.1.1)
  bson_ext
  compass (~> 0.10.2)
  compass-colors (~> 0.3.1)
  differ (~> 0.1.1)
  dynamic_form
  exception_notification!
  fancy-buttons (~> 0.5.1)
  geoip
  goalie
  haml (~> 3.0.13)
  jnunemaker-validatable (~> 1.8.4)
  magent (~> 0.4.2)
  mongo
  mongo_mapper (~> 0.8.2)
  mongomapper_ext!
  newrelic_rpm (~> 2.13.1)
  oauth2 (~> 0.0.8)
  postmark (~> 0.9.0)
  postmark-rails (~> 0.4.0)
  rails (~> 3.0.0)
  rdiscount (~> 1.6.3.1)
  responders
  ruby-debug
  ruby-openid
  ruby-prof
  ruby-stemmer (~> 0.8.2)
  sanitize (~> 1.2.1)
  tabs_on_rails
  twitter-text (~> 1.1.1)
  twitter_oauth (~> 0.3.6)
  uuidtools (~> 2.1.1)
  warden (~> 0.10.7)
  whatlanguage (~> 1.0.0)
